GEM
  remote: https://rubygems.org/
  specs:
    ansi (1.5.0)
    bcrypt (3.1.12)
    closure-compiler (1.1.14)
    dotenv (2.6.0)
    erubi (1.8.0)
    fast_gettext (2.0.0)
    ffi (1.9.25)
    filewatcher (1.1.1)
      optimist (~> 3.0)
    gettext (3.2.9)
      locale (>= 2.0.5)
      text (>= 1.3.0)
    listen (3.1.5)
      rb-fsevent (~> 0.9, >= 0.9.4)
      rb-inotify (~> 0.9, >= 0.9.7)
      ruby_dep (~> 1.2)
    locale (2.1.2)
    mail (2.7.1)
      mini_mime (>= 0.1.1)
    mini_mime (1.0.1)
    minitest (5.11.3)
    minitest-hooks (1.5.0)
      minitest (> 5.3)
    optimist (3.0.0)
    puma (3.12.0)
    rack (2.0.6)
    rack-unreloader (1.6.0)
    rb-fsevent (0.10.3)
    rb-inotify (0.10.0)
      ffi (~> 1.0)
    refrigerator (1.1.0)
    rerun (0.13.0)
      listen (~> 3.0)
    roda (3.16.0)
      rack
    rodauth (1.19.1)
      roda (>= 2.6.0)
      sequel (>= 4)
    ruby_dep (1.5.0)
    sass (3.7.3)
      sass-listen (~> 4.0.0)
    sass-listen (4.0.0)
      rb-fsevent (~> 0.9, >= 0.9.4)
      rb-inotify (~> 0.9, >= 0.9.7)
    sequel (5.17.0)
    sequel-annotate (1.4.0)
      sequel (>= 4)
    sqlite3 (1.4.0)
    text (1.3.1)
    tilt (2.0.9)
    yuicompressor (1.3.3)

PLATFORMS
  ruby

DEPENDENCIES
  ansi
  bcrypt
  closure-compiler
  dotenv
  erubi
  fast_gettext
  filewatcher
  gettext
  mail
  minitest (>= 5.7.0)
  minitest-hooks (>= 1.1.0)
  puma
  rack-unreloader
  refrigerator
  rerun
  roda
  rodauth
  sass
  sequel
  sequel-annotate
  sqlite3
  tilt
  yuicompressor

BUNDLED WITH
   1.17.3
