GEM
  remote: https://rubygems.org/
  specs:
    bcrypt (3.1.12)
    erubi (1.8.0)
    puma (3.12.0)
    rack (2.0.6)
    rack-unreloader (1.6.0)
    refrigerator (1.1.0)
    roda (3.16.0)
      rack
    rodauth (1.19.1)
      roda (>= 2.6.0)
      sequel (>= 4)
    sequel (5.17.0)
    sqlite3 (1.4.0)
    tilt (2.0.9)

PLATFORMS
  ruby

DEPENDENCIES
  bcrypt
  erubi
  puma
  rack-unreloader
  refrigerator
  roda
  rodauth
  sequel
  sqlite3
  tilt

BUNDLED WITH
   1.17.3
